PATH
  remote: .
  specs:
    y-rb (0.1.3)
      rake (~> 13.0)
      rb_sys (~> 0.9.30)

GEM
  remote: https://rubygems.org/
  specs:
    activesupport (6.1.6.1)
      concurrent-ruby (~> 1.0, >= 1.0.2)
      i18n (>= 1.6, < 2)
      minitest (>= 5.1)
      tzinfo (~> 2.0)
      zeitwerk (~> 2.3)
    concurrent-ruby (1.1.10)
    i18n (1.12.0)
      concurrent-ruby (~> 1.0)
    minitar (0.9)
    minitest (5.16.3)
    rake (13.0.6)
    rake-compiler (1.2.0)
      rake
    rake-compiler-dock (1.2.2)
    rb_sys (0.9.30)
    tzinfo (2.0.5)
      concurrent-ruby (~> 1.0)
    zeitwerk (2.6.0)

PLATFORMS
  arm64-darwin-21
  x86_64-linux

DEPENDENCIES
  activesupport (~> 6.1.6.1)
  minitar (~> 0.9)
  rake-compiler (~> 1.2.0)
  rake-compiler-dock (~> 1.2.2)
  y-rb!

BUNDLED WITH
   2.2.32
